GEM
  remote: https://rubygems.org/
  specs:
    gosu (1.4.6)

PLATFORMS
  x64-mingw-ucrt

DEPENDENCIES
  gosu

BUNDLED WITH
   2.4.17
